GEM
  remote: https://rubygems.org/
  specs:
    aws-eventstream (1.3.0)
    aws-partitions (1.1040.0)
    aws-sdk-core (3.216.0)
      aws-eventstream (~> 1, >= 1.3.0)
      aws-partitions (~> 1, >= 1.992.0)
      aws-sigv4 (~> 1.9)
      jmespath (~> 1, >= 1.6.1)
    aws-sdk-medialive (1.142.0)
      aws-sdk-core (~> 3, >= 3.216.0)
      aws-sigv4 (~> 1.5)
    aws-sigv4 (1.11.0)
      aws-eventstream (~> 1, >= 1.0.2)
    jmespath (1.6.2)
    jsonnet (0.6.0)
      mini_portile2 (>= 2.2.0)
    mini_portile2 (2.8.8)

PLATFORMS
  ruby

DEPENDENCIES
  aws-sdk-medialive
  jsonnet

BUNDLED WITH
   2.5.9
